GIT
  remote: git://github.com/ippa/chingu.git
  revision: f0d5d9a39c80dfda72e9f688a7f2b7916c27f8a4
  specs:
    chingu (0.9rc9)
      gosu (>= 0.7.45)
      gosu (>= 0.7.45)

GEM
  remote: https://rubygems.org/
  specs:
    diff-lcs (1.1.3)
    gosu (0.7.45)
    rspec (2.11.0)
      rspec-core (~> 2.11.0)
      rspec-expectations (~> 2.11.0)
      rspec-mocks (~> 2.11.0)
    rspec-core (2.11.1)
    rspec-expectations (2.11.3)
      diff-lcs (~> 1.1.3)
    rspec-mocks (2.11.3)

PLATFORMS
  ruby

DEPENDENCIES
  chingu!
  gosu
  rspec
